GIT
  remote: https://github.com/welaika/wordmove.git
  revision: 2097b2f640b31c46f406721905a3c712bb60111d
  specs:
    wordmove (2.0.0)
      activesupport (~> 4.2, >= 4.2.1)
      colorize (~> 0.7.5)
      photocopier (~> 1.1, >= 1.1.0)
      thor (~> 0.19.1)

GEM
  remote: https://rubygems.org/
  specs:
    activesupport (4.2.7.1)
      i18n (~> 0.7)
      json (~> 1.7, >= 1.7.7)
      minitest (~> 5.1)
      thread_safe (~> 0.3, >= 0.3.4)
      tzinfo (~> 1.1)
    colorize (0.7.7)
    i18n (0.7.0)
    json (1.8.3)
    minitest (5.10.1)
    net-scp (1.2.1)
      net-ssh (>= 2.6.5)
    net-ssh (3.2.0)
    net-ssh-gateway (1.2.0)
      net-ssh (>= 2.6.5)
    photocopier (1.1.1)
      activesupport (~> 4.2.0)
      net-scp (~> 1.2.1)
      net-ssh (~> 3.0)
      net-ssh-gateway (~> 1.2.0)
    sass (3.3.7)
    thor (0.19.4)
    thread_safe (0.3.5)
    tzinfo (1.2.2)
      thread_safe (~> 0.1)

PLATFORMS
  ruby

DEPENDENCIES
  sass (~> 3.3.0)
  wordmove!

BUNDLED WITH
   1.13.6
